INTERFILE	:=
version of keys	:= 3.3
number format		:= float
conversion program	:= analyzeto4dfp
name of data file	:= lxbrainmask_2.4dfp.img
number of bytes per pixel	:= 4
imagedata byte order	:= littleendian
orientation		:= 2
number of dimensions	:= 4
matrix size [1]	:= 91
matrix size [2]	:= 109
matrix size [3]	:= 91
matrix size [4]	:= 1
scaling factor (mm/pixel) [1]	:= 2.000000
scaling factor (mm/pixel) [2]	:= 2.000000
scaling factor (mm/pixel) [3]	:= 2.000000
